GIT
  remote: git://github.com/ysbaddaden/minitest-colorize.git
  revision: 81f2dd6aee81c83debc31572608fa89d6d9e1a19
  specs:
    minitest-colorize (0.0.6.pre)
      minitest (>= 5.2)

PATH
  remote: .
  specs:
    rbs (0.0.1)

GEM
  remote: https://rubygems.org/
  specs:
    json (1.8.1)
    minitest (5.4.2)

PLATFORMS
  ruby

DEPENDENCIES
  json
  minitest
  minitest-colorize!
  rbs!
